GEM
  remote: http://rubygems.org/
  remote: http://gems.rubyforge.org/
  remote: http://gems.github.com/
  specs:
    activesupport (3.0.0)
    git (1.2.5)
    http_router (0.3.17)
      rack (>= 1.0)
      url_mount (>= 0.2.1)
    i18n (0.4.1)
    mail (2.2.6.1)
      activesupport (>= 2.3.6)
      mime-types
      treetop (>= 1.4.5)
    mime-types (1.16)
    padrino (0.9.16)
      padrino-admin (= 0.9.16)
      padrino-core (= 0.9.16)
      padrino-gen (= 0.9.16)
      padrino-helpers (= 0.9.16)
      padrino-mailer (= 0.9.16)
    padrino-admin (0.9.16)
      padrino-core (= 0.9.16)
      padrino-helpers (= 0.9.16)
    padrino-core (0.9.16)
      activesupport (>= 3.0.0)
      http_router (>= 0.3.16)
      sinatra (>= 1.0.0)
      thor (>= 0.13.0)
      tzinfo
    padrino-gen (0.9.16)
      bundler (>= 1.0.0.rc.2)
      git
      padrino-core (= 0.9.16)
    padrino-helpers (0.9.16)
      i18n (>= 0.4.1)
      padrino-core (= 0.9.16)
    padrino-mailer (0.9.16)
      mail (>= 2.2.0)
      padrino-core (= 0.9.16)
    polyglot (0.3.1)
    rack (1.2.1)
    rake (0.8.7)
    sinatra (1.0)
      rack (>= 1.0)
    thor (0.14.2)
    treetop (1.4.8)
      polyglot (>= 0.3.1)
    tzinfo (0.3.23)
    url_mount (0.2.1)
      rack

PLATFORMS
  ruby

DEPENDENCIES
  padrino (~> 0.9.16)
  rake
